PATH
  remote: .
  specs:
    ngenx (0.1.0)
      colorize (~> 0.8.1)

GEM
  remote: https://rubygems.org/
  specs:
    colorize (0.8.1)
    minitest (5.11.3)
    rake (12.3.2)

PLATFORMS
  ruby

DEPENDENCIES
  colorize (~> 0.8.1)
  minitest (~> 5.0)
  ngenx!
  rake (~> 12.0)

BUNDLED WITH
   2.1.4
